GEM
  remote: http://rubygems.org/
  specs:
    builder (3.0.0)
    flexmock (0.9.0)
    git (1.2.5)
    jeweler (1.8.4)
      bundler (~> 1.0)
      git (>= 1.2.5)
      rake
      rdoc
    json (1.7.4)
    rack (1.4.1)
    rack-test (0.6.1)
      rack (>= 1.0)
    rake (0.9.2.2)
    rdoc (3.12)
      json (~> 1.4)

PLATFORMS
  ruby

DEPENDENCIES
  builder (~> 3.0.0)
  flexmock (~> 0.8)
  jeweler (~> 1.8.4)
  rack-test
  rdoc (~> 3.12)
